GEM
  remote: http://rubygems.org/
  specs:
    amq-protocol (2.0.0)
    bunny (2.2.0)
      amq-protocol (>= 2.0.0)
    diff-lcs (1.2.5)
    event_emitter (0.2.5)
    httparty (0.13.7)
      json (~> 1.8)
      multi_xml (>= 0.5.2)
    json (1.8.3)
    multi_xml (0.5.5)
    rspec (3.4.0)
      rspec-core (~> 3.4.0)
      rspec-expectations (~> 3.4.0)
      rspec-mocks (~> 3.4.0)
    rspec-core (3.4.1)
      rspec-support (~> 3.4.0)
    rspec-expectations (3.4.0)
      diff-lcs (>= 1.2.0, < 2.0)
      rspec-support (~> 3.4.0)
    rspec-mocks (3.4.0)
      diff-lcs (>= 1.2.0, < 2.0)
      rspec-support (~> 3.4.0)
    rspec-support (3.4.1)
    websocket (1.2.2)
    websocket-client-simple (0.2.4)
      event_emitter
      websocket

PLATFORMS
  ruby

DEPENDENCIES
  bunny
  httparty
  rspec
  websocket-client-simple

BUNDLED WITH
   1.10.6
